PATH
  remote: .
  specs:
    dumper-cli (0.1.0)
      ipaddress (~> 0.8.3)
      net-ntp (~> 2.1)
      rainbow (~> 2.2)
      thor (~> 0.19)

GEM
  remote: https://rubygems.org/
  specs:
    ipaddress (0.8.3)
    minitest (5.10.3)
    net-ntp (2.1.3)
    rainbow (2.2.2)
      rake
    rake (12.2.1)
    thor (0.20.0)

PLATFORMS
  ruby

DEPENDENCIES
  dumper-cli!
  minitest
  rake

BUNDLED WITH
   1.16.0
